GIT
  remote: git://github.com/netzpirat/haml_coffee_assets.git
  revision: a3c2951eca005d4fcce4837b9a97a139fc022c66
  specs:
    haml_coffee_assets (1.16.0)
      coffee-script (~> 2.0)
      sprockets (~> 2.0)
      tilt (~> 1.1)

GEM
  remote: https://rubygems.org/
  remote: https://rails-assets.org/
  specs:
    actionmailer (4.1.6)
      actionpack (= 4.1.6)
      actionview (= 4.1.6)
      mail (~> 2.5, >= 2.5.4)
    actionpack (4.1.6)
      actionview (= 4.1.6)
      activesupport (= 4.1.6)
      rack (~> 1.5.2)
      rack-test (~> 0.6.2)
    actionview (4.1.6)
      activesupport (= 4.1.6)
      builder (~> 3.1)
      erubis (~> 2.7.0)
    activemodel (4.1.6)
      activesupport (= 4.1.6)
      builder (~> 3.1)
    activerecord (4.1.6)
      activemodel (= 4.1.6)
      activesupport (= 4.1.6)
      arel (~> 5.0.0)
    activesupport (4.1.6)
      i18n (~> 0.6, >= 0.6.9)
      json (~> 1.7, >= 1.7.7)
      minitest (~> 5.1)
      thread_safe (~> 0.1)
      tzinfo (~> 1.1)
    arel (5.0.1.20140414130214)
    bootstrap-sass (3.2.0.2)
      sass (~> 3.2)
    bson (2.3.0)
    bson_ext (1.5.1)
    builder (3.2.2)
    coffee-rails (4.0.1)
      coffee-script (>= 2.2.0)
      railties (>= 4.0.0, < 5.0)
    coffee-script (2.3.0)
      coffee-script-source
      execjs
    coffee-script-source (1.8.0)
    connection_pool (2.0.0)
    dalli (2.7.2)
    erubis (2.7.0)
    execjs (2.2.1)
    hike (1.2.3)
    httparty (0.13.1)
      json (~> 1.8)
      multi_xml (>= 0.5.2)
    i18n (0.6.11)
    json (1.8.1)
    mail (2.6.1)
      mime-types (>= 1.16, < 3)
    memcachier (0.0.2)
    mime-types (2.4.1)
    minitest (5.4.2)
    mongoid (4.0.0)
      activemodel (~> 4.0)
      moped (~> 2.0.0)
      origin (~> 2.1)
      tzinfo (>= 0.3.37)
    moped (2.0.0)
      bson (~> 2.2)
      connection_pool (~> 2.0)
      optionable (~> 0.2.0)
    multi_json (1.10.1)
    multi_xml (0.5.5)
    mysql2 (0.3.16)
    newrelic_rpm (3.9.5.251)
    oj (2.10.3)
    optionable (0.2.0)
    origin (2.1.1)
    quiet_assets (1.0.3)
      railties (>= 3.1, < 5.0)
    rack (1.5.2)
    rack-test (0.6.2)
      rack (>= 1.0)
    rails (4.1.6)
      actionmailer (= 4.1.6)
      actionpack (= 4.1.6)
      actionview (= 4.1.6)
      activemodel (= 4.1.6)
      activerecord (= 4.1.6)
      activesupport (= 4.1.6)
      bundler (>= 1.3.0, < 2.0)
      railties (= 4.1.6)
      sprockets-rails (~> 2.0)
    rails-assets-angular (1.2.26)
    rails-assets-angular-animate (1.2.26)
      rails-assets-angular (= 1.2.26)
    rails-assets-angular-cookies (1.2.26)
      rails-assets-angular (= 1.2.26)
    rails-assets-angular-route (1.2.26)
      rails-assets-angular (= 1.2.26)
    rails-assets-angular-touch (1.2.26)
      rails-assets-angular (= 1.2.26)
    rails-assets-angular-ui-bootstrap-bower (0.11.2)
      rails-assets-angular (>= 1)
    rails-assets-angular-ui-select (0.8.0)
      rails-assets-angular (~> 1.2)
    rails-assets-angulartics (0.16.1)
      rails-assets-angular (>= 1.0.7)
      rails-assets-jquery-waypoints (~> 2.0.3)
    rails-assets-jquery (2.1.1)
    rails-assets-jquery-waypoints (2.0.5)
      rails-assets-jquery (>= 1.8)
    rails-assets-lazy.js (0.3.2)
    rails-assets-venturocket-angular-slider (0.3.2)
      rails-assets-angular (~> 1.2.0)
      rails-assets-angular-touch (~> 1.2.0)
    railties (4.1.6)
      actionpack (= 4.1.6)
      activesupport (= 4.1.6)
      rake (>= 0.8.7)
      thor (>= 0.18.1, < 2.0)
    rake (10.3.2)
    sass (3.2.19)
    sass-rails (4.0.3)
      railties (>= 4.0.0, < 5.0)
      sass (~> 3.2.0)
      sprockets (~> 2.8, <= 2.11.0)
      sprockets-rails (~> 2.0)
    spring (1.1.3)
    sprockets (2.11.0)
      hike (~> 1.2)
      multi_json (~> 1.0)
      rack (~> 1.0)
      tilt (~> 1.1, != 1.3.0)
    sprockets-rails (2.1.4)
      actionpack (>= 3.0)
      activesupport (>= 3.0)
      sprockets (~> 2.8)
    thor (0.19.1)
    thread_safe (0.3.4)
    tilt (1.4.1)
    tzinfo (1.2.2)
      thread_safe (~> 0.1)
    uglifier (2.5.3)
      execjs (>= 0.3.0)
      json (>= 1.8.0)

PLATFORMS
  ruby

DEPENDENCIES
  bootstrap-sass
  bson_ext
  coffee-rails
  dalli
  haml_coffee_assets!
  httparty
  memcachier
  mongoid
  mysql2
  newrelic_rpm
  oj
  quiet_assets
  rails (~> 4.1.5)
  rails-assets-angular
  rails-assets-angular-animate
  rails-assets-angular-cookies
  rails-assets-angular-route
  rails-assets-angular-ui-bootstrap-bower
  rails-assets-angular-ui-select
  rails-assets-angulartics
  rails-assets-lazy.js
  rails-assets-venturocket-angular-slider
  sass-rails
  spring
  uglifier
